GEM
  remote: http://rubygems.org/
  specs:
    eventmachine (0.12.10)
    json (1.6.1)

PLATFORMS
  ruby

DEPENDENCIES
  eventmachine
  json
